GEM
  remote: https://rubygems.org/
  specs:
    ast (2.3.0)
    cheatset (1.3.4)
      haml
      plist
      redcarpet
      rouge
      sanitize
      sqlite3
      thor
      unindent
    crass (1.0.2)
    haml (5.0.4)
      temple (>= 0.8.0)
      tilt
    mini_portile2 (2.3.0)
    nokogiri (1.8.1)
      mini_portile2 (~> 2.3.0)
    nokogumbo (1.4.13)
      nokogiri
    parallel (1.12.0)
    parser (2.4.0.0)
      ast (~> 2.2)
    plist (3.3.0)
    powerpack (0.1.1)
    rainbow (2.2.2)
      rake
    rake (12.2.1)
    redcarpet (3.4.0)
    rouge (3.0.0)
    rubocop (0.51.0)
      parallel (~> 1.10)
      parser (>= 2.3.3.1, < 3.0)
      powerpack (~> 0.1)
      rainbow (>= 2.2.2, < 3.0)
      ruby-progressbar (~> 1.7)
      unicode-display_width (~> 1.0, >= 1.0.1)
    ruby-progressbar (1.9.0)
    sanitize (4.5.0)
      crass (~> 1.0.2)
      nokogiri (>= 1.4.4)
      nokogumbo (~> 1.4.1)
    sqlite3 (1.3.13)
    temple (0.8.0)
    thor (0.20.0)
    tilt (2.0.8)
    unicode-display_width (1.3.0)
    unindent (1.0)

PLATFORMS
  ruby

DEPENDENCIES
  cheatset
  rubocop

BUNDLED WITH
   1.15.2
